PATH
  remote: .
  specs:
    boppers (0.0.0)

GEM
  remote: https://rubygems.org/
  specs:
    minitest (4.7.5)
    minitest-test (1.1.0)
      minitest (~> 4.0)
    rake (12.2.1)

PLATFORMS
  ruby

DEPENDENCIES
  boppers!
  bundler
  minitest-test
  rake

BUNDLED WITH
   1.16.0
